GEM
  remote: http://rubygems.org/
  specs:
    OptionParser (0.5.1)

PLATFORMS
  x86-mingw32

DEPENDENCIES
  OptionParser

BUNDLED WITH
   1.16.0
